PATH
  remote: .
  specs:
    fiddler (0.0.1)
      activesupport (= 3.2.8)
      httpclient (= 2.2.7)

GEM
  remote: http://rubygems.org/
  specs:
    activesupport (3.2.8)
      i18n (~> 0.6)
      multi_json (~> 1.0)
    addressable (2.3.2)
    awesome_print (1.1.0)
    crack (0.3.1)
    diff-lcs (1.1.3)
    foreman (0.60.0)
      thor (>= 0.13.6)
    httpclient (2.2.7)
    i18n (0.6.1)
    multi_json (1.3.6)
    rspec (2.11.0)
      rspec-core (~> 2.11.0)
      rspec-expectations (~> 2.11.0)
      rspec-mocks (~> 2.11.0)
    rspec-core (2.11.1)
    rspec-expectations (2.11.3)
      diff-lcs (~> 1.1.3)
    rspec-mocks (2.11.2)
    spork (0.9.2)
    thor (0.16.0)
    vcr (2.2.5)
    watchr (0.7)
    webmock (1.8.11)
      addressable (>= 2.2.7)
      crack (>= 0.1.7)

PLATFORMS
  java
  ruby

DEPENDENCIES
  awesome_print
  fiddler!
  foreman
  rspec
  spork
  vcr
  watchr
  webmock
